PATH
  remote: ../dms-core
  specs:
    dms-core (0.0.0)
      ffi-rzmq (~> 0.9.3)
      logging (~> 1.6.2)
      msgpack (~> 0.4.6)

GEM
  remote: http://rubygems.org/
  specs:
    builder (3.0.0)
    cli (1.1.1)
    cucumber (1.2.1)
      builder (>= 2.1.2)
      diff-lcs (>= 1.1.3)
      gherkin (~> 2.11.0)
      json (>= 1.4.6)
    daemon (1.1.0)
    diff-lcs (1.1.3)
    facter (1.6.11)
    ffi (1.1.5)
    ffi-rzmq (0.9.6)
      ffi
    gherkin (2.11.2)
      json (>= 1.4.6)
    git (1.2.5)
    jeweler (1.8.4)
      bundler (~> 1.0)
      git (>= 1.2.5)
      rake
      rdoc
    json (1.7.5)
    little-plugger (1.1.3)
    logging (1.6.2)
      little-plugger (>= 1.1.3)
    msgpack (0.4.7)
    multi_json (1.3.6)
    rake (0.9.2.2)
    rdoc (3.12)
      json (~> 1.4)
    rspec (2.8.0)
      rspec-core (~> 2.8.0)
      rspec-expectations (~> 2.8.0)
      rspec-mocks (~> 2.8.0)
    rspec-core (2.8.0)
    rspec-expectations (2.8.0)
      diff-lcs (~> 1.1.2)
    rspec-mocks (2.8.0)
    simplecov (0.6.4)
      multi_json (~> 1.0)
      simplecov-html (~> 0.5.3)
    simplecov-html (0.5.3)

PLATFORMS
  ruby

DEPENDENCIES
  bundler (~> 1.0)
  cli (~> 1.1.1)
  cucumber
  daemon (~> 1.1)
  dms-core!
  facter (~> 1.6.5)
  jeweler (~> 1.8.3)
  rdoc (~> 3.12)
  rspec (~> 2.8.0)
  simplecov
